GEM
  remote: https://rubygems.org/
  specs:
    builder (3.2.4)
    dotenv (2.7.5)
    httparty (0.18.1)
      mime-types (~> 3.0)
      multi_xml (>= 0.5.2)
    mime-types (3.3.1)
      mime-types-data (~> 3.2015)
    mime-types-data (3.2020.0512)
    multi_xml (0.6.0)
    rack (2.2.3)
    roda (3.33.0)
      rack
    twilio (3.1.1)
      builder (>= 2.1.2)
      httparty (>= 0.8)

PLATFORMS
  ruby

DEPENDENCIES
  dotenv
  roda
  twilio

BUNDLED WITH
   2.1.4
